GEM
  remote: https://rubygems.org/
  specs:
    actioncable (5.2.8)
      actionpack (= 5.2.8)
      nio4r (~> 2.0)
      websocket-driver (>= 0.6.1)
    actionmailer (5.2.8)
      actionpack (= 5.2.8)
      actionview (= 5.2.8)
      activejob (= 5.2.8)
      mail (~> 2.5, >= 2.5.4)
      rails-dom-testing (~> 2.0)
    actionpack (5.2.8)
      actionview (= 5.2.8)
      activesupport (= 5.2.8)
      rack (~> 2.0, >= 2.0.8)
      rack-test (>= 0.6.3)
      rails-dom-testing (~> 2.0)
      rails-html-sanitizer (~> 1.0, >= 1.0.2)
    actionview (5.2.8)
      activesupport (= 5.2.8)
      builder (~> 3.1)
      erubi (~> 1.4)
      rails-dom-testing (~> 2.0)
      rails-html-sanitizer (~> 1.0, >= 1.0.3)
    activejob (5.2.8)
      activesupport (= 5.2.8)
      globalid (>= 0.3.6)
    activemodel (5.2.8)
      activesupport (= 5.2.8)
    activemodel-serializers-xml (1.0.2)
      activemodel (> 5.x)
      activesupport (> 5.x)
      builder (~> 3.1)
    activerecord (5.2.8)
      activemodel (= 5.2.8)
      activesupport (= 5.2.8)
      arel (>= 9.0)
    activerecord-import (1.4.0)
      activerecord (>= 4.2)
    activestorage (5.2.8)
      actionpack (= 5.2.8)
      activerecord (= 5.2.8)
      marcel (~> 1.0.0)
    activesupport (5.2.8)
      concurrent-ruby (~> 1.0, >= 1.0.2)
      i18n (>= 0.7, < 2)
      minitest (~> 5.1)
      tzinfo (~> 1.1)
    addressable (2.8.1)
      public_suffix (>= 2.0.2, < 6.0)
    akami (1.3.1)
      gyoku (>= 0.4.0)
      nokogiri
    arel (9.0.0)
    autoprefixer-rails (10.4.7.0)
      execjs (~> 2)
    awesome_print (1.9.2)
    aws-eventstream (1.2.0)
    aws-partitions (1.630.0)
    aws-record (2.7.0)
      aws-sdk-dynamodb (~> 1.18)
    aws-sdk-core (3.147.0)
      aws-eventstream (~> 1, >= 1.0.2)
      aws-partitions (~> 1, >= 1.525.0)
      aws-sigv4 (~> 1.1)
      jmespath (~> 1, >= 1.6.1)
    aws-sdk-dynamodb (1.76.0)
      aws-sdk-core (~> 3, >= 3.127.0)
      aws-sigv4 (~> 1.1)
    aws-sdk-kms (1.58.0)
      aws-sdk-core (~> 3, >= 3.127.0)
      aws-sigv4 (~> 1.1)
    aws-sdk-rails (3.6.3)
      aws-record (~> 2)
      aws-sdk-ses (~> 1)
      aws-sdk-sqs (~> 1)
      aws-sessionstore-dynamodb (~> 2)
      concurrent-ruby (~> 1)
      railties (>= 5.2.0)
    aws-sdk-s3 (1.114.0)
      aws-sdk-core (~> 3, >= 3.127.0)
      aws-sdk-kms (~> 1)
      aws-sigv4 (~> 1.4)
    aws-sdk-ses (1.47.0)
      aws-sdk-core (~> 3, >= 3.127.0)
      aws-sigv4 (~> 1.1)
    aws-sdk-sqs (1.51.1)
      aws-sdk-core (~> 3, >= 3.127.0)
      aws-sigv4 (~> 1.1)
    aws-sessionstore-dynamodb (2.0.1)
      aws-sdk-dynamodb (~> 1)
      rack (~> 2)
    aws-sigv4 (1.5.1)
      aws-eventstream (~> 1, >= 1.0.2)
    bcrypt (3.1.18)
    better_errors (2.9.1)
      coderay (>= 1.0.0)
      erubi (>= 1.0.0)
      rack (>= 0.9.0)
    bindex (0.8.1)
    binding_of_caller (1.0.0)
      debug_inspector (>= 0.0.1)
    bootsnap (1.13.0)
      msgpack (~> 1.2)
    bootstrap-sass (3.3.6)
      autoprefixer-rails (>= 5.2.1)
      sass (>= 3.3.4)
    bootstrap-tab-history-rails (0.1.0)
      railties (>= 3.1)
    browser-timezone-rails (1.1.0)
      js_cookie_rails
      rails (>= 3.1)
    builder (3.2.4)
    byebug (11.1.3)
    coderay (1.1.3)
    concurrent-ruby (1.1.10)
    connection_pool (2.2.5)
    crass (1.0.6)
    debug_inspector (1.1.0)
    devise (4.8.1)
      bcrypt (~> 3.0)
      orm_adapter (~> 0.1)
      railties (>= 4.1.0)
      responders
      warden (~> 1.2.3)
    devise-doorkeeper (1.2.0)
      devise
      doorkeeper
      rails
    diff-lcs (1.5.0)
    doorkeeper (5.6.0)
      railties (>= 5)
    erubi (1.11.0)
    ethon (0.15.0)
      ffi (>= 1.15.0)
    execjs (2.8.1)
    faraday (2.5.2)
      faraday-net_http (>= 2.0, < 3.1)
      ruby2_keywords (>= 0.0.4)
    faraday-net_http (3.0.0)
    ffaker (2.21.0)
    ffi (1.15.5)
    figaro (1.2.0)
      thor (>= 0.14.0, < 2)
    font-awesome-rails (4.7.0.8)
      railties (>= 3.2, < 8.0)
    friendly_id (5.4.2)
      activerecord (>= 4.0.0)
    globalid (1.0.0)
      activesupport (>= 5.0)
    gon (6.4.0)
      actionpack (>= 3.0.20)
      i18n (>= 0.7)
      multi_json
      request_store (>= 1.0)
    google-ads-common (1.0.3)
      google-ads-savon (~> 1.0, >= 1.0.2)
      httpclient (~> 2.7)
      httpi (~> 2.3)
      signet (~> 0.7)
    google-ads-savon (1.0.4)
      akami (~> 1.2)
      builder (~> 3.0)
      gyoku (~> 1.2)
      httpi (~> 2.3)
      nokogiri (~> 1.6)
      nori (~> 2.6)
      wasabi (~> 3.4)
    google-adwords-api (1.5.0)
      google-ads-common (~> 1.0.0)
      nori (~> 2.6)
    googlecharts (1.6.12)
    gyoku (1.4.0)
      builder (>= 2.1.2)
      rexml (~> 3.0)
    haml (5.2.2)
      temple (>= 0.8.0)
      tilt
    html_to_plain_text (1.0.5)
      nokogiri (>= 1.4.0)
    httpclient (2.8.3)
    httpi (2.5.0)
      rack
      socksify
    i18n (1.12.0)
      concurrent-ruby (~> 1.0)
    jmespath (1.6.1)
    jquery-minicolors-rails (2.2.6.2)
      jquery-rails
      rails (>= 3.2.8)
    jquery-rails (4.5.0)
      rails-dom-testing (>= 1, < 3)
      railties (>= 4.2.0)
      thor (>= 0.14, < 2.0)
    jquery-ui-rails (6.0.1)
      railties (>= 3.2.16)
    js_cookie_rails (2.2.0)
      railties (>= 3.1)
    jwt (2.5.0)
    kaminari (1.2.2)
      activesupport (>= 4.1.0)
      kaminari-actionview (= 1.2.2)
      kaminari-activerecord (= 1.2.2)
      kaminari-core (= 1.2.2)
    kaminari-actionview (1.2.2)
      actionview
      kaminari-core (= 1.2.2)
    kaminari-activerecord (1.2.2)
      activerecord
      kaminari-core (= 1.2.2)
    kaminari-core (1.2.2)
    local_time (2.1.0)
    loofah (2.19.0)
      crass (~> 1.0.2)
      nokogiri (>= 1.5.9)
    mail (2.7.1)
      mini_mime (>= 0.1.1)
    marcel (1.0.2)
    method_source (1.0.0)
    mini_mime (1.1.2)
    minitest (5.16.3)
    msgpack (1.5.6)
    multi_json (1.15.0)
    nested_form (0.3.2)
    nio4r (2.5.8)
    nokogiri (1.13.8-x86_64-darwin)
      racc (~> 1.4)
    nokogiri (1.13.8-x86_64-linux)
      racc (~> 1.4)
    nori (2.6.0)
    order_as_specified (1.7)
      activerecord (>= 5.0.0)
    orm_adapter (0.5.0)
    pg (1.4.3)
    pretender (0.4.0)
      actionpack (>= 5.2)
    pry (0.14.1)
      coderay (~> 1.1)
      method_source (~> 1.0)
    pry-byebug (3.10.1)
      byebug (~> 11.0)
      pry (>= 0.13, < 0.15)
    pry-rails (0.3.9)
      pry (>= 0.10.4)
    pry-remote (0.1.8)
      pry (~> 0.9)
      slop (~> 3.0)
    pry-theme (1.3.1)
      coderay (~> 1.1)
    public_suffix (5.0.0)
    puma (5.6.5)
      nio4r (~> 2.0)
    racc (1.6.0)
    rack (2.2.4)
    rack-cors (1.1.1)
      rack (>= 2.0.0)
    rack-pjax (1.1.0)
      nokogiri (~> 1.5)
      rack (>= 1.1)
    rack-test (2.0.2)
      rack (>= 1.3)
    rack-timeout (0.6.3)
    rack_password (1.3)
    rails (5.2.8)
      actioncable (= 5.2.8)
      actionmailer (= 5.2.8)
      actionpack (= 5.2.8)
      actionview (= 5.2.8)
      activejob (= 5.2.8)
      activemodel (= 5.2.8)
      activerecord (= 5.2.8)
      activestorage (= 5.2.8)
      activesupport (= 5.2.8)
      bundler (>= 1.3.0)
      railties (= 5.2.8)
      sprockets-rails (>= 2.0.0)
    rails-dom-testing (2.0.3)
      activesupport (>= 4.2.0)
      nokogiri (>= 1.6)
    rails-html-sanitizer (1.4.3)
      loofah (~> 2.3)
    rails_admin (2.2.1)
      activemodel-serializers-xml (>= 1.0)
      builder (~> 3.1)
      haml (>= 4.0, < 6)
      jquery-rails (>= 3.0, < 5)
      jquery-ui-rails (>= 5.0, < 7)
      kaminari (>= 0.14, < 2.0)
      nested_form (~> 0.3)
      rack-pjax (>= 0.7)
      rails (>= 5.0, < 7)
      remotipart (~> 1.3)
      sassc-rails (>= 1.3, < 3)
    railties (5.2.8)
      actionpack (= 5.2.8)
      activesupport (= 5.2.8)
      method_source
      rake (>= 0.8.7)
      thor (>= 0.19.0, < 2.0)
    rake (13.0.6)
    rb-fsevent (0.11.2)
    rb-inotify (0.10.1)
      ffi (~> 1.0)
    remotipart (1.4.4)
    request_store (1.5.1)
      rack (>= 1.4)
    responders (3.0.1)
      actionpack (>= 5.0)
      railties (>= 5.0)
    reverse_markdown (2.1.1)
      nokogiri
    rexml (3.2.5)
    rspec-core (3.11.0)
      rspec-support (~> 3.11.0)
    rspec-expectations (3.11.1)
      diff-lcs (>= 1.2.0, < 2.0)
      rspec-support (~> 3.11.0)
    rspec-mocks (3.11.1)
      diff-lcs (>= 1.2.0, < 2.0)
      rspec-support (~> 3.11.0)
    rspec-rails (5.1.2)
      actionpack (>= 5.2)
      activesupport (>= 5.2)
      railties (>= 5.2)
      rspec-core (~> 3.10)
      rspec-expectations (~> 3.10)
      rspec-mocks (~> 3.10)
      rspec-support (~> 3.10)
    rspec-support (3.11.1)
    ruby2_keywords (0.0.5)
    sass (3.7.4)
      sass-listen (~> 4.0.0)
    sass-listen (4.0.0)
      rb-fsevent (~> 0.9, >= 0.9.4)
      rb-inotify (~> 0.9, >= 0.9.7)
    sassc (2.4.0)
      ffi (~> 1.9)
    sassc-rails (2.1.2)
      railties (>= 4.0.0)
      sassc (>= 2.0)
      sprockets (> 3.0)
      sprockets-rails
      tilt
    signet (0.17.0)
      addressable (~> 2.8)
      faraday (>= 0.17.5, < 3.a)
      jwt (>= 1.5, < 3.0)
      multi_json (~> 1.10)
    slim (4.1.0)
      temple (>= 0.7.6, < 0.9)
      tilt (>= 2.0.6, < 2.1)
    slim-rails (3.5.1)
      actionpack (>= 3.1)
      railties (>= 3.1)
      slim (>= 3.0, < 5.0)
    slop (3.6.0)
    socksify (1.7.1)
    spring (4.0.0)
    sprockets (3.7.2)
      concurrent-ruby (~> 1.0)
      rack (> 1, < 3)
    sprockets-rails (3.4.2)
      actionpack (>= 5.2)
      activesupport (>= 5.2)
      sprockets (>= 3.0.0)
    summernote-rails (0.8.12.0)
      railties (>= 3.1)
    temple (0.8.2)
    thor (1.2.1)
    thread_safe (0.3.6)
    tilt (2.0.11)
    turbolinks (5.2.1)
      turbolinks-source (~> 5.2)
    turbolinks-source (5.2.0)
    typhoeus (1.4.0)
      ethon (>= 0.9.0)
    tzinfo (1.2.10)
      thread_safe (~> 0.1)
    uglifier (4.2.0)
      execjs (>= 0.3.0, < 3)
    warden (1.2.9)
      rack (>= 2.0.9)
    wasabi (3.7.0)
      addressable
      httpi (~> 2.0)
      nokogiri (>= 1.4.2)
    web-console (3.7.0)
      actionview (>= 5.0)
      activemodel (>= 5.0)
      bindex (>= 0.4.0)
      railties (>= 5.0)
    websocket-driver (0.7.5)
      websocket-extensions (>= 0.1.0)
    websocket-extensions (0.1.5)
    wicked_pdf (2.6.3)
      activesupport
    wkhtmltopdf-binary (0.12.6.5)

PLATFORMS
  x86_64-darwin-21
  x86_64-linux

DEPENDENCIES
  activerecord-import
  awesome_print
  aws-sdk-rails (~> 3.0)
  aws-sdk-s3 (~> 1.0)
  better_errors
  binding_of_caller
  bootsnap
  bootstrap-sass (= 3.3.6)
  bootstrap-tab-history-rails
  browser-timezone-rails
  connection_pool
  devise
  devise-doorkeeper
  doorkeeper
  ffaker
  figaro
  font-awesome-rails
  friendly_id
  gon
  google-adwords-api (= 1.5)
  googlecharts
  html_to_plain_text
  jquery-minicolors-rails
  jquery-rails
  jquery-ui-rails
  local_time
  multi_json
  order_as_specified
  pg
  pretender
  pry-byebug
  pry-rails
  pry-remote
  pry-theme
  puma (~> 5.0)
  rack-cors
  rack-timeout
  rack_password
  rails (= 5.2.8)
  rails-html-sanitizer
  rails_admin
  reverse_markdown
  rspec-rails (~> 5.0)
  sassc-rails (>= 2.1.0)
  slim-rails (~> 3.0)
  spring
  sprockets (~> 3.0)
  summernote-rails
  turbolinks
  typhoeus
  uglifier
  web-console
  wicked_pdf (~> 2.0)
  wkhtmltopdf-binary

RUBY VERSION
   ruby 2.7.6p219

BUNDLED WITH
   2.3.9
